GEM
  remote: https://rubygems.org/
  specs:
    diff-lcs (1.5.0)
    rexml (3.2.5)
    rspec (3.12.0)
      rspec-core (~> 3.12.0)
      rspec-expectations (~> 3.12.0)
      rspec-mocks (~> 3.12.0)
    rspec-core (3.12.2)
      rspec-support (~> 3.12.0)
    rspec-expectations (3.12.2)
      diff-lcs (>= 1.2.0, < 2.0)
      rspec-support (~> 3.12.0)
    rspec-mocks (3.12.5)
      diff-lcs (>= 1.2.0, < 2.0)
      rspec-support (~> 3.12.0)
    rspec-support (3.12.0)
    rss (0.2.9)
      rexml

PLATFORMS
  x86_64-darwin-21

DEPENDENCIES
  rspec
  rss

BUNDLED WITH
   2.3.26
